PATH
  remote: .
  specs:
    ruby-test (0.1.0)

GEM
  remote: https://rubygems.org/
  specs:
    ast (2.4.2)
    debase (2.3.8)
      debase-ruby_core_source (~> 0.10.15)
    debase-ruby_core_source (0.10.17)
    diff-lcs (1.3)
    parallel (1.20.1)
    parser (3.0.1.1)
      ast (~> 2.4.1)
    rainbow (3.0.0)
    rake (13.0.3)
    rexml (3.2.5)
    rspec (3.9.0)
      rspec-core (~> 3.9.0)
      rspec-expectations (~> 3.9.0)
      rspec-mocks (~> 3.9.0)
    rspec-core (3.9.1)
      rspec-support (~> 3.9.1)
    rspec-expectations (3.9.0)
      diff-lcs (>= 1.2.0, < 2.0)
      rspec-support (~> 3.9.0)
    rspec-mocks (3.9.1)
      diff-lcs (>= 1.2.0, < 2.0)
      rspec-support (~> 3.9.0)
    rspec-support (3.9.2)
    rubocop (0.84.0)
      parallel (~> 1.10)
      parser (>= 2.7.0.1)
      rainbow (>= 2.2.2, < 4.0)
      rexml
      rubocop-ast (>= 0.0.3)
      ruby-progressbar (~> 1.7)
      unicode-display_width (>= 1.4.0, < 2.0)
    rubocop-ast (0.6.0)
      parser (>= 2.7.1.5)
    ruby-debug-ide (2.3.8)
      debase (~> 2.3.8)
    ruby-progressbar (1.11.0)
    unicode-display_width (1.6.0)

PLATFORMS
  x86_64-linux

DEPENDENCIES
  debase
  rake
  rspec
  rubocop
  ruby-debug-ide
  ruby-test!

BUNDLED WITH
   2.3.26
